GEM
  remote: https://rubygems.org/
  specs:
    awesome_print (1.8.0)
    coderay (1.1.2)
    humanize (2.4.2)
    method_source (1.0.0)
    pry (0.13.0)
      coderay (~> 1.1)
      method_source (~> 1.0)
    pry-doc (1.0.0)
      pry (~> 0.11)
      yard (~> 0.9.11)
    yard (0.9.24)

PLATFORMS
  ruby

DEPENDENCIES
  awesome_print
  humanize
  pry
  pry-doc

BUNDLED WITH
   2.1.4
